PATH
  remote: .
  specs:
    enum_ext (0.4.5)
      activerecord (>= 5.2.4.3)

GEM
  remote: https://rubygems.org/
  specs:
    actionpack (6.1.4.6)
      actionview (= 6.1.4.6)
      activesupport (= 6.1.4.6)
      rack (~> 2.0, >= 2.0.9)
      rack-test (>= 0.6.3)
      rails-dom-testing (~> 2.0)
      rails-html-sanitizer (~> 1.0, >= 1.2.0)
    actionview (6.1.4.6)
      activesupport (= 6.1.4.6)
      builder (~> 3.1)
      erubi (~> 1.4)
      rails-dom-testing (~> 2.0)
      rails-html-sanitizer (~> 1.1, >= 1.2.0)
    activemodel (6.1.4.6)
      activesupport (= 6.1.4.6)
    activerecord (6.1.4.6)
      activemodel (= 6.1.4.6)
      activesupport (= 6.1.4.6)
    activesupport (6.1.4.6)
      concurrent-ruby (~> 1.0, >= 1.0.2)
      i18n (>= 1.6, < 2)
      minitest (>= 5.1)
      tzinfo (~> 2.0)
      zeitwerk (~> 2.3)
    builder (3.2.4)
    byebug (11.1.3)
    concurrent-ruby (1.1.9)
    crass (1.0.6)
    erubi (1.10.0)
    i18n (1.9.1)
      concurrent-ruby (~> 1.0)
    loofah (2.14.0)
      crass (~> 1.0.2)
      nokogiri (>= 1.5.9)
    method_source (1.0.0)
    mini_portile2 (2.7.1)
    minitest (5.14.2)
    nokogiri (1.13.1)
      mini_portile2 (~> 2.7.0)
      racc (~> 1.4)
    racc (1.6.0)
    rack (2.2.3)
    rack-test (1.1.0)
      rack (>= 1.0, < 3)
    rails-dom-testing (2.0.3)
      activesupport (>= 4.2.0)
      nokogiri (>= 1.6)
    rails-html-sanitizer (1.4.2)
      loofah (~> 2.3)
    rails-i18n (6.0.0)
      i18n (>= 0.7, < 2)
      railties (>= 6.0.0, < 7)
    railties (6.1.4.6)
      actionpack (= 6.1.4.6)
      activesupport (= 6.1.4.6)
      method_source
      rake (>= 0.13)
      thor (~> 1.0)
    rake (13.0.1)
    sqlite3 (1.4.2)
    thor (1.2.1)
    tzinfo (2.0.4)
      concurrent-ruby (~> 1.0)
    zeitwerk (2.5.4)

PLATFORMS
  ruby

DEPENDENCIES
  bundler (>= 1.11)
  byebug
  enum_ext!
  minitest
  rails-i18n (>= 4)
  rake (>= 10.0)
  sqlite3

BUNDLED WITH
   2.1.4
